GEM
  remote: https://rubygems.org/
  specs:
    ansi (1.5.0)
    builder (3.2.4)
    byebug (11.1.2)
    coderay (1.1.2)
    method_source (1.0.0)
    minitest (5.14.0)
    minitest-reporters (1.4.2)
      ansi
      builder
      minitest (>= 5.0)
      ruby-progressbar
    pry (0.13.1)
      coderay (~> 1.1)
      method_source (~> 1.0)
    pry-byebug (3.9.0)
      byebug (~> 11.0)
      pry (~> 0.13.0)
    rake (13.0.1)
    ruby-progressbar (1.10.1)
    stamp (0.6.0)

PLATFORMS
  ruby

DEPENDENCIES
  minitest
  minitest-reporters
  pry
  pry-byebug
  rake
  stamp

RUBY VERSION
   ruby 2.6.3p62

BUNDLED WITH
   1.17.2
